GIT
  remote: git://github.com/celluloid/celluloid-redis.git
  revision: 4c6e978b512b41ccd287163310bf73a4bef366d1
  branch: master
  specs:
    celluloid-redis (0.0.2)
      celluloid-io (>= 0.13.0.pre)
      redis

GIT
  remote: git://github.com/celluloid/celluloid.git
  revision: c71cc18af4e60b668e61ad2b854226306fb18e46
  branch: master
  specs:
    celluloid (0.16.0.pre)
      timers (~> 2.0.0)

GIT
  remote: git://github.com/pry/pry.git
  revision: 762dc796ded0ab11c37a3a6851252026200508f1
  branch: master
  specs:
    pry (0.10.0.pre)
      coderay (~> 1.1.0)
      method_source (~> 0.8)
      slop (~> 3.4)

GEM
  remote: https://rubygems.org/
  specs:
    celluloid-io (0.16.0.pre)
      celluloid (>= 0.16.0.pre)
      nio4r (>= 1.0.0)
    coderay (1.1.0)
    hiredis (0.5.1)
    hitimes (1.2.1)
    method_source (0.8.2)
    nio4r (1.0.0)
    redis (3.0.7)
    slop (3.5.0)
    timers (2.0.0)
      hitimes

PLATFORMS
  ruby

DEPENDENCIES
  celluloid!
  celluloid-redis!
  hiredis
  pry!
  redis
